PATH
  remote: .
  specs:
    ruby_demo (0.1.0)

GEM
  remote: https://rubygems.org/
  specs:
    aws-eventstream (1.2.0)
    aws-partitions (1.779.0)
    aws-sdk-core (3.174.0)
      aws-eventstream (~> 1, >= 1.0.2)
      aws-partitions (~> 1, >= 1.651.0)
      aws-sigv4 (~> 1.5)
      jmespath (~> 1, >= 1.6.1)
    aws-sdk-dynamodb (1.86.0)
      aws-sdk-core (~> 3, >= 3.174.0)
      aws-sigv4 (~> 1.1)
    aws-sdk-ssm (1.151.0)
      aws-sdk-core (~> 3, >= 3.174.0)
      aws-sigv4 (~> 1.1)
    aws-sigv4 (1.5.2)
      aws-eventstream (~> 1, >= 1.0.2)
    jmespath (1.6.2)
    rake (13.0.6)

PLATFORMS
  x86_64-linux

DEPENDENCIES
  aws-sdk-dynamodb (= 1.86.0)
  aws-sdk-ssm (= 1.151.0)
  rake (~> 13.0)
  ruby_demo!

BUNDLED WITH
   2.4.14
